GEM
  remote: https://rubygems.org/
  specs:
    kitchen-salt (0.0.14)
    kitchen-vagrant (0.14.0)
      test-kitchen (~> 1.0)
    mixlib-shellout (1.3.0)
    net-scp (1.1.2)
      net-ssh (>= 2.6.5)
    net-ssh (2.8.0)
    safe_yaml (1.0.1)
    test-kitchen (1.2.1)
      mixlib-shellout (~> 1.2)
      net-scp (~> 1.1)
      net-ssh (~> 2.7)
      safe_yaml (~> 1.0)
      thor (~> 0.18)
    thor (0.19.1)
    unf (0.1.3)
      unf_ext
    unf_ext (0.0.6)

PLATFORMS
  ruby

DEPENDENCIES
  kitchen-salt (>= 0.0.14)
  kitchen-vagrant
  test-kitchen (>= 1.2.1)
  unf
